GEM
  remote: https://rubygems.org/
  specs:
    aws-sdk (2.10.9)
      aws-sdk-resources (= 2.10.9)
    aws-sdk-core (2.10.9)
      aws-sigv4 (~> 1.0)
      jmespath (~> 1.0)
    aws-sdk-resources (2.10.9)
      aws-sdk-core (= 2.10.9)
    aws-sigv4 (1.0.0)
    jmespath (1.3.1)
    rosarium (0.1.5)

PLATFORMS
  ruby

DEPENDENCIES
  aws-sdk (~> 2.0)!
  rosarium (~> 0.1)!

BUNDLED WITH
   1.14.6
